NUGET
  remote: https://www.nuget.org/api/v2
    FSharp.Core (4.2.3)
    FSharp.Data (2.4.2)
      FSharp.Core (>= 4.0.0.1) - restriction: && (< net40) (< portable-net45+win8+wp8+wpa81)
      Zlib.Portable (>= 1.11) - restriction: || (&& (< net40) (>= portable-net45+win8)) (&& (< net40) (< portable-net45+win8) (>= portable-net45+win8+wp8+wpa81))
    FSharp.Data.TypeProviders (5.0.0.2)
      FSharp.Core (>= 3.1.2.5)
    Zlib.Portable (1.11) - restriction: || (&& (< net40) (>= portable-net45+win8)) (&& (< net40) (< portable-net45+win8) (>= portable-net45+win8+wp8+wpa81))
